GEM
  remote: https://rubygems.org/
  specs:
    daemons (1.1.9)
    dicechucker (0.8.0)
    eventmachine (1.0.3)
    extlib (0.9.16)
    faraday (0.8.7)
      multipart-post (~> 1.1)
    forecast_io (1.1.0)
      faraday
      hashie
      multi_json
    geocoder (1.1.8)
    google_directions (0.1.5)
      extlib (>= 0.9.15)
      nokogiri (>= 1.4.1)
    hashie (2.0.5)
    json (1.7.7)
    multi_json (1.7.3)
    multipart-post (1.2.0)
    nokogiri (1.5.5)
    rack (1.5.2)
    rack-protection (1.5.0)
      rack
    sinatra (1.4.2)
      rack (~> 1.5, >= 1.5.2)
      rack-protection (~> 1.4)
      tilt (~> 1.3, >= 1.3.4)
    thin (1.5.1)
      daemons (>= 1.0.9)
      eventmachine (>= 0.12.6)
      rack (>= 1.0.0)
    tilt (1.3.7)
    wikipedia-client (1.0.0)

PLATFORMS
  ruby

DEPENDENCIES
  dicechucker
  forecast_io
  geocoder
  google_directions
  hashie
  json (~> 1.7.7)
  nokogiri
  sinatra
  thin
  wikipedia-client
